PATH
  remote: .
  specs:
    feat (0.0.1)

GEM
  remote: https://rubygems.org/
  specs:

PLATFORMS
  ruby

DEPENDENCIES
  feat!

BUNDLED WITH
   2.0.1
